GEM
  remote: https://rubygems.org/
  specs:
    faker (1.4.3)
      i18n (~> 0.5)
    i18n (0.7.0)
    sqlite3 (1.3.10)
    sqlite3 (1.3.10-x86-mingw32)

PLATFORMS
  ruby
  x86-mingw32

DEPENDENCIES
  faker
  sqlite3
